GEM
  remote: https://rubygems.org/
  specs:
    addressable (2.4.0)
    bourbon (4.0.2)
      sass (~> 3.3)
      thor
    colorize (0.5.8)
    dalli (2.6.4)
    ffi (1.9.10)
    launchy (2.1.2)
      addressable (~> 2.3)
    neat (1.6.0)
      bourbon (>= 3.1)
      sass (>= 3.3)
    rb-fsevent (0.9.7)
    rb-inotify (0.9.7)
      ffi (>= 0.5.0)
    sass (3.3.5)
    sys-proctable (0.9.3)
    thor (0.19.1)

PLATFORMS
  ruby

DEPENDENCIES
  bourbon (~> 4.0.2)
  colorize (~> 0.5.8)
  dalli (~> 2.6.4)
  launchy (~> 2.1.2)
  neat (~> 1.6.0)
  rb-fsevent (~> 0.9.3)
  rb-inotify (~> 0.9)
  sass (= 3.3.5)
  sys-proctable (~> 0.9.3)

BUNDLED WITH
   1.10.5
